PATH
  remote: ../../../.
  specs:
    microbus (0.0.1)
      bundler

PATH
  remote: .
  specs:
    basic (0.0.0)
      sequel

GEM
  remote: https://rubygems.org/
  specs:
    rake (10.5.0)
    sequel (4.31.0)

PLATFORMS
  ruby

DEPENDENCIES
  basic!
  microbus!
  rake

BUNDLED WITH
   1.11.2
