PATH
  remote: ../../..
  specs:
    microbus (0.0.1)
      bundler
      fpm (> 1.4)

PATH
  remote: .
  specs:
    basic (0.0.1)
      oj
      sequel

GEM
  remote: https://rubygems.org/
  specs:
    arr-pm (0.0.12)
    backports (3.25.0)
    bigdecimal (3.1.6)
    cabin (0.9.0)
    clamp (1.0.1)
    dotenv (3.1.0)
    fpm (1.15.1)
      arr-pm (~> 0.0.11)
      backports (>= 2.6.2)
      cabin (>= 0.6.0)
      clamp (~> 1.0.0)
      pleaserun (~> 0.0.29)
      rexml
      stud
    insist (1.0.0)
    mustache (0.99.8)
    oj (3.16.3)
      bigdecimal (>= 3.0)
    pleaserun (0.0.32)
      cabin (> 0)
      clamp
      dotenv
      insist
      mustache (= 0.99.8)
      stud
    rake (13.1.0)
    rexml (3.3.9)
    sequel (5.78.0)
      bigdecimal
    stud (0.0.23)

PLATFORMS
  x86_64-linux

DEPENDENCIES
  basic!
  microbus!
  rake

BUNDLED WITH
   2.3.15
