PATH
  remote: ../../..
  specs:
    microbus (0.0.1)
      bundler
      fpm (> 1.4)

PATH
  remote: .
  specs:
    basic (0.0.1)
      oj
      sequel

GEM
  remote: https://rubygems.org/
  specs:
    arr-pm (0.0.12)
    backports (3.21.0)
    cabin (0.9.0)
    clamp (1.0.1)
    dotenv (2.7.6)
    fpm (1.14.1)
      arr-pm (~> 0.0.11)
      backports (>= 2.6.2)
      cabin (>= 0.6.0)
      clamp (~> 1.0.0)
      git (>= 1.3.0, < 2.0)
      json (>= 1.7.7, < 3.0)
      pleaserun (~> 0.0.29)
      rexml
      stud
    git (1.9.1)
      rchardet (~> 1.8)
    insist (1.0.0)
    json (2.6.1)
    mustache (0.99.8)
    oj (3.13.9)
    pleaserun (0.0.32)
      cabin (> 0)
      clamp
      dotenv
      insist
      mustache (= 0.99.8)
      stud
    rake (13.0.6)
    rchardet (1.8.0)
    rexml (3.2.5)
    sequel (5.51.0)
    stud (0.0.23)

PLATFORMS
  ruby

DEPENDENCIES
  basic!
  microbus!
  rake

BUNDLED WITH
   2.2.32
