PATH
  remote: ../../..
  specs:
    microbus (0.0.1)
      bundler
      fpm (~> 1.4)

PATH
  remote: .
  specs:
    basic (0.0.1)
      oj
      sequel

GEM
  remote: https://rubygems.org/
  specs:
    arr-pm (0.0.10)
      cabin (> 0)
    backports (3.6.8)
    cabin (0.8.1)
    childprocess (0.5.9)
      ffi (~> 1.0, >= 1.0.11)
    clamp (0.6.5)
    ffi (1.11.1)
    fpm (1.4.0)
      arr-pm (~> 0.0.10)
      backports (>= 2.6.2)
      cabin (>= 0.6.0)
      childprocess
      clamp (~> 0.6)
      ffi
      json (>= 1.7.7)
    json (2.1.0)
    oj (3.6.4)
    rake (12.3.3)
    sequel (5.10.0)

PLATFORMS
  ruby

DEPENDENCIES
  basic!
  microbus!
  rake

BUNDLED WITH
   1.16.2
